GEM
  remote: https://rubygems.org/
  specs:
    chip-gpio (0.2.0)
      epoll
    concurrent-ruby (1.0.5)
    epoll (0.3.0)
    mustermann (1.0.1)
    rack (2.0.3)
    rack-protection (2.0.0)
      rack
    sinatra (2.0.0)
      mustermann (~> 1.0)
      rack (~> 2.0)
      rack-protection (= 2.0.0)
      tilt (~> 2.0)
    sucker_punch (2.0.4)
      concurrent-ruby (~> 1.0.0)
    tilt (2.0.8)

PLATFORMS
  ruby

DEPENDENCIES
  chip-gpio
  sinatra
  sucker_punch (~> 2.0)

BUNDLED WITH
   1.16.0
